PATH
  remote: .
  specs:
    codeplane (0.1.2)
      activesupport (~> 3.0)
      i18n
      json_pure (~> 1.5.3)

GEM
  remote: http://rubygems.org/
  specs:
    activesupport (3.0.10)
    addressable (2.2.6)
    archive-tar-minitar (0.5.2)
    columnize (0.3.4)
    diff-lcs (1.1.2)
    fakeweb (1.3.0)
    i18n (0.6.0)
    json_pure (1.5.3)
    linecache19 (0.5.12)
      ruby_core_source (>= 0.1.4)
    notifier (0.1.3)
    rake (0.8.7)
    rspec (2.6.0)
      rspec-core (~> 2.6.0)
      rspec-expectations (~> 2.6.0)
      rspec-mocks (~> 2.6.0)
    rspec-core (2.6.4)
    rspec-expectations (2.6.0)
      diff-lcs (~> 1.1.2)
    rspec-mocks (2.6.0)
    ruby-debug-base19 (0.11.25)
      columnize (>= 0.3.1)
      linecache19 (>= 0.5.11)
      ruby_core_source (>= 0.1.4)
    ruby-debug19 (0.11.6)
      columnize (>= 0.3.1)
      linecache19 (>= 0.5.11)
      ruby-debug-base19 (>= 0.11.19)
    ruby_core_source (0.1.5)
      archive-tar-minitar (>= 0.5.2)
    test_notifier (0.3.6)
      notifier

PLATFORMS
  ruby

DEPENDENCIES
  addressable (~> 2.2.6)
  codeplane!
  fakeweb (~> 1.3)
  rake (~> 0.8.7)
  rspec (~> 2.6)
  ruby-debug19
  test_notifier (~> 0.3)
